PATH
  remote: .
  specs:
    rbs_active_hash (1.5.0)
      active_hash
      rbs

GEM
  remote: https://rubygems.org/
  specs:
    actionpack (7.1.3.4)
      actionview (= 7.1.3.4)
      activesupport (= 7.1.3.4)
      nokogiri (>= 1.8.5)
      racc
      rack (>= 2.2.4)
      rack-session (>= 1.0.1)
      rack-test (>= 0.6.3)
      rails-dom-testing (~> 2.2)
      rails-html-sanitizer (~> 1.6)
    actionview (7.1.3.4)
      activesupport (= 7.1.3.4)
      builder (~> 3.1)
      erubi (~> 1.11)
      rails-dom-testing (~> 2.2)
      rails-html-sanitizer (~> 1.6)
    active_hash (3.3.1)
      activesupport (>= 5.0.0)
    activemodel (7.1.3.4)
      activesupport (= 7.1.3.4)
    activerecord (7.1.3.4)
      activemodel (= 7.1.3.4)
      activesupport (= 7.1.3.4)
      timeout (>= 0.4.0)
    activesupport (7.1.3.4)
      base64
      bigdecimal
      concurrent-ruby (~> 1.0, >= 1.0.2)
      connection_pool (>= 2.2.5)
      drb
      i18n (>= 1.6, < 2)
      minitest (>= 5.1)
      mutex_m
      tzinfo (~> 2.0)
    ast (2.4.2)
    base64 (0.2.0)
    bigdecimal (3.1.8)
    builder (3.2.4)
    concurrent-ruby (1.3.1)
    connection_pool (2.4.1)
    crass (1.0.6)
    csv (3.2.7)
    diff-lcs (1.5.1)
    drb (2.2.1)
    erubi (1.12.0)
    ffi (1.15.5)
    fileutils (1.7.1)
    i18n (1.14.5)
      concurrent-ruby (~> 1.0)
    io-console (0.7.2)
    irb (1.13.1)
      rdoc (>= 4.0.0)
      reline (>= 0.4.2)
    json (2.7.2)
    language_server-protocol (3.17.0.3)
    listen (3.8.0)
      rb-fsevent (~> 0.10, >= 0.10.3)
      rb-inotify (~> 0.9, >= 0.9.10)
    logger (1.5.3)
    loofah (2.22.0)
      crass (~> 1.0.2)
      nokogiri (>= 1.12.0)
    minitest (5.23.1)
    mutex_m (0.2.0)
    nokogiri (1.15.6-x86_64-darwin)
      racc (~> 1.4)
    nokogiri (1.15.6-x86_64-linux)
      racc (~> 1.4)
    parallel (1.24.0)
    parser (3.3.1.0)
      ast (~> 2.4.1)
      racc
    psych (5.1.2)
      stringio
    racc (1.8.0)
    rack (3.0.11)
    rack-session (2.0.0)
      rack (>= 3.0.0)
    rack-test (2.1.0)
      rack (>= 1.3)
    rackup (2.1.0)
      rack (>= 3)
      webrick (~> 1.8)
    rails-dom-testing (2.2.0)
      activesupport (>= 5.0.0)
      minitest
      nokogiri (>= 1.6)
    rails-html-sanitizer (1.6.0)
      loofah (~> 2.21)
      nokogiri (~> 1.14)
    railties (7.1.3.4)
      actionpack (= 7.1.3.4)
      activesupport (= 7.1.3.4)
      irb
      rackup (>= 1.0.0)
      rake (>= 12.2)
      thor (~> 1.0, >= 1.2.2)
      zeitwerk (~> 2.6)
    rainbow (3.1.1)
    rake (13.2.1)
    rb-fsevent (0.11.2)
    rb-inotify (0.10.1)
      ffi (~> 1.0)
    rbs (3.1.3)
    rdoc (6.7.0)
      psych (>= 4.0.0)
    regexp_parser (2.9.2)
    reline (0.5.7)
      io-console (~> 0.5)
    rexml (3.2.8)
      strscan (>= 3.0.9)
    rspec (3.13.0)
      rspec-core (~> 3.13.0)
      rspec-expectations (~> 3.13.0)
      rspec-mocks (~> 3.13.0)
    rspec-core (3.13.0)
      rspec-support (~> 3.13.0)
    rspec-daemon (1.1.1)
      rspec
    rspec-expectations (3.13.0)
      diff-lcs (>= 1.2.0, < 2.0)
      rspec-support (~> 3.13.0)
    rspec-mocks (3.13.0)
      diff-lcs (>= 1.2.0, < 2.0)
      rspec-support (~> 3.13.0)
    rspec-support (3.13.0)
    rubocop (1.64.0)
      json (~> 2.3)
      language_server-protocol (>= 3.17.0)
      parallel (~> 1.10)
      parser (>= 3.3.0.2)
      rainbow (>= 2.2.2, < 4.0)
      regexp_parser (>= 1.8, < 3.0)
      rexml (>= 3.2.5, < 4.0)
      rubocop-ast (>= 1.31.1, < 2.0)
      ruby-progressbar (~> 1.7)
      unicode-display_width (>= 2.4.0, < 3.0)
    rubocop-ast (1.31.3)
      parser (>= 3.3.1.0)
    ruby-progressbar (1.13.0)
    securerandom (0.2.2)
    steep (1.5.3)
      activesupport (>= 5.1)
      concurrent-ruby (>= 1.1.10)
      csv (>= 3.0.9)
      fileutils (>= 1.1.0)
      json (>= 2.1.0)
      language_server-protocol (>= 3.15, < 4.0)
      listen (~> 3.0)
      logger (>= 1.3.0)
      parser (>= 3.1)
      rainbow (>= 2.2.2, < 4.0)
      rbs (>= 3.1.0)
      securerandom (>= 0.1)
      strscan (>= 1.0.0)
      terminal-table (>= 2, < 4)
    stringio (3.1.0)
    strscan (3.1.0)
    terminal-table (3.0.2)
      unicode-display_width (>= 1.1.1, < 3)
    thor (1.3.1)
    timeout (0.4.1)
    tzinfo (2.0.6)
      concurrent-ruby (~> 1.0)
    unicode-display_width (2.5.0)
    webrick (1.8.1)
    zeitwerk (2.6.15)

PLATFORMS
  x86_64-darwin-19
  x86_64-darwin-21
  x86_64-linux

DEPENDENCIES
  activerecord
  railties
  rake (~> 13.2)
  rbs_active_hash!
  rspec
  rspec-daemon
  rubocop (~> 1.64)
  steep

BUNDLED WITH
   2.4.4
